GEM
  remote: https://rubygems.org/
  specs:
    hike (1.2.3)
    multi_json (1.11.0)
    rack (1.6.0)
    rake (10.4.2)
    sass (3.4.13)
    sprockets (2.12.3)
      hike (~> 1.2)
      multi_json (~> 1.0)
      rack (~> 1.0)
      tilt (~> 1.1, != 1.3.0)
    tilt (1.4.1)

PLATFORMS
  ruby

DEPENDENCIES
  rake
  sass
  sprockets
